GIT
  remote: https://github.com/mbulat/plutus.git
  revision: b7783e8dc5d1d65c86801859e7ee993b9e6e1e3c
  specs:
    plutus (0.16)
      jquery-rails (>= 3.0)
      jquery-ui-rails (>= 4.2.2)
      kaminari (~> 1.0)
      rails (> 6.0)

GEM
  remote: https://rubygems.org/
  specs:
    actioncable (6.0.3.2)
      actionpack (= 6.0.3.2)
      nio4r (~> 2.0)
      websocket-driver (>= 0.6.1)
    actionmailbox (6.0.3.2)
      actionpack (= 6.0.3.2)
      activejob (= 6.0.3.2)
      activerecord (= 6.0.3.2)
      activestorage (= 6.0.3.2)
      activesupport (= 6.0.3.2)
      mail (>= 2.7.1)
    actionmailer (6.0.3.2)
      actionpack (= 6.0.3.2)
      actionview (= 6.0.3.2)
      activejob (= 6.0.3.2)
      mail (~> 2.5, >= 2.5.4)
      rails-dom-testing (~> 2.0)
    actionpack (6.0.3.2)
      actionview (= 6.0.3.2)
      activesupport (= 6.0.3.2)
      rack (~> 2.0, >= 2.0.8)
      rack-test (>= 0.6.3)
      rails-dom-testing (~> 2.0)
      rails-html-sanitizer (~> 1.0, >= 1.2.0)
    actiontext (6.0.3.2)
      actionpack (= 6.0.3.2)
      activerecord (= 6.0.3.2)
      activestorage (= 6.0.3.2)
      activesupport (= 6.0.3.2)
      nokogiri (>= 1.8.5)
    actionview (6.0.3.2)
      activesupport (= 6.0.3.2)
      builder (~> 3.1)
      erubi (~> 1.4)
      rails-dom-testing (~> 2.0)
      rails-html-sanitizer (~> 1.1, >= 1.2.0)
    activejob (6.0.3.2)
      activesupport (= 6.0.3.2)
      globalid (>= 0.3.6)
    activemodel (6.0.3.2)
      activesupport (= 6.0.3.2)
    activerecord (6.0.3.2)
      activemodel (= 6.0.3.2)
      activesupport (= 6.0.3.2)
    activestorage (6.0.3.2)
      actionpack (= 6.0.3.2)
      activejob (= 6.0.3.2)
      activerecord (= 6.0.3.2)
      marcel (~> 0.3.1)
    activesupport (6.0.3.2)
      concurrent-ruby (~> 1.0, >= 1.0.2)
      i18n (>= 0.7, < 2)
      minitest (~> 5.1)
      tzinfo (~> 1.1)
      zeitwerk (~> 2.2, >= 2.2.2)
    addressable (2.7.0)
      public_suffix (>= 2.0.2, < 5.0)
    ancestry (3.0.7)
      activerecord (>= 3.2.0)
    annotate (3.1.1)
      activerecord (>= 3.2, < 7.0)
      rake (>= 10.4, < 14.0)
    apartment (0.24.3)
      activerecord (>= 3.1.2)
      rack (>= 1.3.6)
    apartment-activejob (0.0.1)
      activesupport
      apartment
    barnes (0.0.8)
      multi_json (~> 1)
      statsd-ruby (~> 1.1)
    bcrypt (3.1.13)
    bindex (0.8.1)
    bootsnap (1.4.6)
      msgpack (~> 1.0)
    breadcrumbs_on_rails (4.0.0)
      rails (>= 5.0)
    builder (3.2.4)
    byebug (11.1.3)
    camunda-workflow (0.2.3)
      activesupport (>= 3.2.0)
      faraday (~> 0.17)
      faraday_middleware (~> 0.13.1)
      her (~> 1.1)
    cancancan (3.1.0)
    capybara (3.33.0)
      addressable
      mini_mime (>= 0.1.3)
      nokogiri (~> 1.8)
      rack (>= 1.6.0)
      rack-test (>= 0.6.3)
      regexp_parser (~> 1.5)
      xpath (~> 3.2)
    carrierwave (2.1.0)
      activemodel (>= 5.0.0)
      activesupport (>= 5.0.0)
      addressable (~> 2.6)
      image_processing (~> 1.1)
      mimemagic (>= 0.3.0)
      mini_mime (>= 0.1.3)
    carrierwave-base64 (2.8.1)
      carrierwave (>= 0.8.0)
      mime-types (~> 3.0)
      mimemagic (~> 0.3.2)
    certifi (2018.01.18)
    childprocess (3.0.0)
    chunky_png (1.3.11)
    cocoon (1.2.14)
    coderay (1.1.3)
    concurrent-ruby (1.1.6)
    crass (1.0.6)
    dentaku (3.3.4)
    devise (4.7.2)
      bcrypt (~> 3.0)
      orm_adapter (~> 0.1)
      railties (>= 4.1.0)
      responders
      warden (~> 1.2.3)
    domain_name (0.5.20190701)
      unf (>= 0.0.5, < 1.0.0)
    enumerize (2.3.1)
      activesupport (>= 3.2)
    erubi (1.9.0)
    excon (0.75.0)
    faker (2.13.0)
      i18n (>= 1.6, < 2)
    faraday (0.17.3)
      multipart-post (>= 1.2, < 3)
    faraday-http-cache (2.2.0)
      faraday (>= 0.8)
    faraday_middleware (0.13.1)
      faraday (>= 0.7.4, < 1.0)
    ffi (1.13.1)
    fog-aws (3.6.6)
      fog-core (~> 2.1)
      fog-json (~> 1.1)
      fog-xml (~> 0.1)
      ipaddress (~> 0.8)
    fog-core (2.2.0)
      builder
      excon (~> 0.71)
      formatador (~> 0.2)
      mime-types
    fog-json (1.2.0)
      fog-core
      multi_json (~> 1.10)
    fog-xml (0.1.3)
      fog-core
      nokogiri (>= 1.5.11, < 2.0.0)
    formatador (0.2.5)
    globalid (0.4.2)
      activesupport (>= 4.2.0)
    her (1.1.0)
      activemodel (>= 4.2.1)
      faraday (>= 0.8, < 1.0)
      multi_json (~> 1.7)
    http-accept (1.7.0)
    http-cookie (1.0.3)
      domain_name (~> 0.5)
    i18n (1.8.3)
      concurrent-ruby (~> 1.0)
    i18n_generators (2.2.2)
      activerecord (>= 3.0.0)
      railties (>= 3.0.0)
    image_processing (1.11.0)
      mini_magick (>= 4.9.5, < 5)
      ruby-vips (>= 2.0.17, < 3)
    ipaddress (0.8.3)
    jbuilder (2.10.0)
      activesupport (>= 5.0.0)
    jquery-rails (4.4.0)
      rails-dom-testing (>= 1, < 3)
      railties (>= 4.2.0)
      thor (>= 0.14, < 2.0)
    jquery-ui-rails (6.0.1)
      railties (>= 3.2.16)
    json (2.3.0)
    kaminari (1.2.1)
      activesupport (>= 4.1.0)
      kaminari-actionview (= 1.2.1)
      kaminari-activerecord (= 1.2.1)
      kaminari-core (= 1.2.1)
    kaminari-actionview (1.2.1)
      actionview
      kaminari-core (= 1.2.1)
    kaminari-activerecord (1.2.1)
      activerecord
      kaminari-core (= 1.2.1)
    kaminari-core (1.2.1)
    liquid (4.0.3)
    listen (3.1.5)
      rb-fsevent (~> 0.9, >= 0.9.4)
      rb-inotify (~> 0.9, >= 0.9.7)
      ruby_dep (~> 1.2)
    little-plugger (1.1.4)
    logging (2.2.2)
      little-plugger (~> 1.1)
      multi_json (~> 1.10)
    loofah (2.6.0)
      crass (~> 1.0.2)
      nokogiri (>= 1.5.9)
    mail (2.7.1)
      mini_mime (>= 0.1.1)
    marcel (0.3.3)
      mimemagic (~> 0.3.2)
    method_source (1.0.0)
    mime-types (3.3.1)
      mime-types-data (~> 3.2015)
    mime-types-data (3.2020.0512)
    mimemagic (0.3.5)
    mini_magick (4.10.1)
    mini_mime (1.0.2)
    mini_portile2 (2.4.0)
    minitest (5.14.1)
    msgpack (1.3.3)
    multi_json (1.14.1)
    multipart-post (2.1.1)
    netrc (0.11.0)
    newrelic_rpm (6.12.0.367)
    nio4r (2.5.2)
    nokogiri (1.10.9)
      mini_portile2 (~> 2.4.0)
    orm_adapter (0.5.0)
    parallel (1.19.2)
    pg (1.2.3)
    polyamorous (2.3.2)
      activerecord (>= 5.2.1)
    pry (0.13.1)
      coderay (~> 1.1)
      method_source (~> 1.0)
    pry-byebug (3.9.0)
      byebug (~> 11.0)
      pry (~> 0.13.0)
    pry-rails (0.3.9)
      pry (>= 0.10.4)
    pry-remote (0.1.8)
      pry (~> 0.9)
      slop (~> 3.0)
    public_suffix (4.0.5)
    puma (4.3.5)
      nio4r (~> 2.0)
    rack (2.2.3)
    rack-accept (0.4.5)
      rack (>= 0.4)
    rack-proxy (0.6.5)
      rack
    rack-test (1.1.0)
      rack (>= 1.0, < 3)
    rails (6.0.3.2)
      actioncable (= 6.0.3.2)
      actionmailbox (= 6.0.3.2)
      actionmailer (= 6.0.3.2)
      actionpack (= 6.0.3.2)
      actiontext (= 6.0.3.2)
      actionview (= 6.0.3.2)
      activejob (= 6.0.3.2)
      activemodel (= 6.0.3.2)
      activerecord (= 6.0.3.2)
      activestorage (= 6.0.3.2)
      activesupport (= 6.0.3.2)
      bundler (>= 1.3.0)
      railties (= 6.0.3.2)
      sprockets-rails (>= 2.0.0)
    rails-dom-testing (2.0.3)
      activesupport (>= 4.2.0)
      nokogiri (>= 1.6)
    rails-html-sanitizer (1.3.0)
      loofah (~> 2.3)
    railties (6.0.3.2)
      actionpack (= 6.0.3.2)
      activesupport (= 6.0.3.2)
      method_source
      rake (>= 0.8.7)
      thor (>= 0.20.3, < 2.0)
    rake (13.0.1)
    ransack (2.3.2)
      activerecord (>= 5.2.1)
      activesupport (>= 5.2.1)
      i18n
      polyamorous (= 2.3.2)
    rb-fsevent (0.10.4)
    rb-inotify (0.10.1)
      ffi (~> 1.0)
    recaptcha (5.5.0)
      json
    regexp_parser (1.7.1)
    responders (3.0.1)
      actionpack (>= 5.0)
      railties (>= 5.0)
    rest-client (2.1.0)
      http-accept (>= 1.7.0, < 2.0)
      http-cookie (>= 1.0.2, < 2.0)
      mime-types (>= 1.16, < 4.0)
      netrc (~> 0.8)
    ros-apartment (2.6.1)
      activerecord (>= 5.0.0, < 6.1)
      parallel (< 2.0)
      public_suffix (>= 2.0.5, < 5.0)
      rack (>= 1.3.6, < 3.0)
    rqrcode (1.1.2)
      chunky_png (~> 1.0)
      rqrcode_core (~> 0.1)
    rqrcode_core (0.1.2)
    ruby-vips (2.0.17)
      ffi (~> 1.9)
    ruby_dep (1.5.0)
    ruby_http_client (3.5.0)
    rubyzip (2.3.0)
    sass-rails (6.0.0)
      sassc-rails (~> 2.1, >= 2.1.1)
    sassc (2.4.0)
      ffi (~> 1.9)
    sassc-rails (2.1.2)
      railties (>= 4.0.0)
      sassc (>= 2.0)
      sprockets (> 3.0)
      sprockets-rails
      tilt
    seed_dump (3.3.1)
      activerecord (>= 4)
      activesupport (>= 4)
    selenium-webdriver (3.142.7)
      childprocess (>= 0.5, < 4.0)
      rubyzip (>= 1.2.2)
    sendgrid-ruby (6.2.1)
      ruby_http_client (~> 3.4)
    sentry-raven (2.13.0)
      faraday (>= 0.7.6, < 1.0)
    slop (3.6.0)
    spring (2.1.0)
    spring-watcher-listen (2.0.1)
      listen (>= 2.7, < 4.0)
      spring (>= 1.2, < 3.0)
    sprockets (4.0.2)
      concurrent-ruby (~> 1.0)
      rack (> 1, < 3)
    sprockets-rails (3.2.1)
      actionpack (>= 4.0)
      activesupport (>= 4.0)
      sprockets (>= 3.0.0)
    square.rb (5.3.0.20200528)
      certifi (~> 2018.1)
      faraday (~> 0.15)
      faraday-http-cache (~> 2.0)
      faraday_middleware (~> 0.13)
      logging (~> 2.2)
    statsd-ruby (1.4.0)
    thor (1.0.1)
    thread_safe (0.3.6)
    tilt (2.0.10)
    turbolinks (5.2.1)
      turbolinks-source (~> 5.2)
    turbolinks-source (5.2.0)
    turnout (2.5.0)
      i18n (>= 0.7, < 2)
      rack (>= 1.3, < 3)
      rack-accept (~> 0.4)
      tilt (>= 1.4, < 3)
    tzinfo (1.2.7)
      thread_safe (~> 0.1)
    unf (0.1.4)
      unf_ext
    unf_ext (0.0.7.7)
    warden (1.2.8)
      rack (>= 2.0.6)
    web-console (4.0.3)
      actionview (>= 6.0.0)
      activemodel (>= 6.0.0)
      bindex (>= 0.4.0)
      railties (>= 6.0.0)
    webdrivers (4.4.1)
      nokogiri (~> 1.6)
      rubyzip (>= 1.3.0)
      selenium-webdriver (>= 3.0, < 4.0)
    webpacker (4.2.2)
      activesupport (>= 4.2)
      rack-proxy (>= 0.6.1)
      railties (>= 4.2)
    websocket-driver (0.7.2)
      websocket-extensions (>= 0.1.0)
    websocket-extensions (0.1.5)
    wicked_pdf (2.1.0)
      activesupport
    wkhtmltopdf-binary (0.12.6)
    wkhtmltopdf-heroku (2.12.5.0)
    xpath (3.2.0)
      nokogiri (~> 1.8)
    zeitwerk (2.3.0)

PLATFORMS
  ruby

DEPENDENCIES
  ancestry
  annotate
  apartment-activejob
  barnes
  bootsnap (>= 1.4.2)
  breadcrumbs_on_rails
  bundler
  byebug
  camunda-workflow
  cancancan
  capybara (>= 2.15)
  carrierwave (~> 2.0)
  carrierwave-base64
  cocoon
  dentaku
  devise
  enumerize
  faker
  fog-aws
  i18n_generators
  jbuilder (~> 2.7)
  kaminari
  liquid
  listen (>= 3.0.5, < 3.2)
  newrelic_rpm
  pg (>= 0.18, < 2.0)
  plutus!
  pry-byebug
  pry-rails
  pry-remote
  puma (~> 4.1)
  rails (~> 6.0.2, >= 6.0.2.1)
  ransack
  recaptcha
  rest-client
  ros-apartment
  rqrcode
  sass-rails (>= 6)
  seed_dump
  selenium-webdriver
  sendgrid-ruby
  sentry-raven
  spring
  spring-watcher-listen (~> 2.0.0)
  square.rb
  turbolinks (~> 5)
  turnout
  tzinfo-data
  web-console (>= 3.3.0)
  webdrivers
  webpacker (~> 4.0)
  wicked_pdf
  wkhtmltopdf-binary
  wkhtmltopdf-heroku

RUBY VERSION
   ruby 2.5.1p57

BUNDLED WITH
   2.1.4
